NUGET
  remote: https://nuget.org/api/v2
  specs:
    Microsoft.Tpl.Dataflow (4.5.23)
    Newtonsoft.Json (6.0.5)
    NLog (3.1.0.0)
    NLog.Config (3.1.0.0)
      NLog (>= 3.1.0.0)
      NLog.Schema (>= 3.1.0.0)
    NLog.FSharp (3.1.0)
      NLog (>= 3.1.0)
    NLog.Schema (3.1.0.0)
    protobuf-net (2.0.0.668)
    Rx-Core (2.2.5)
      Rx-Interfaces (>= 2.2.5)
    Rx-Interfaces (2.2.5)
    Rx-Linq (2.2.5)
      Rx-Core (>= 2.2.5)
      Rx-Interfaces (>= 2.2.5)
    Rx-Main (2.2.5)
      Rx-Core (>= 2.2.5)
      Rx-Interfaces (>= 2.2.5)
      Rx-Linq (>= 2.2.5)
      Rx-PlatformServices (>= 2.2.5)
    Rx-PlatformServices (2.2.5)
      Rx-Core (>= 2.2.5)
      Rx-Interfaces (>= 2.2.5)
    Stacks (1.0.0)
      Microsoft.Tpl.Dataflow (>= 4.5.23)
      Rx-Main (>= 2.2.5)
      protobuf-net (>= 2.0.0.668)
    Stacks.FSharp (1.0.0)
      Stacks (>= 1.0.0)
    Stacks.ProtoBuf (0.8.0.0)
      Stacks (>= 0.8.0.0)
      protobuf-net (>= 2.0.0.668)
